GEM
  remote: http://rubygems.org/
  specs:
    addressable (2.2.8)
    em-websocket (0.3.8)
      addressable (>= 2.1.1)
      eventmachine (>= 0.12.9)
    eventmachine (1.0.0)
    foreman (0.60.2)
      thor (>= 0.13.6)
    guard (1.4.0)
      listen (>= 0.4.2)
      thor (>= 0.14.6)
    guard-livereload (1.0.1)
      em-websocket (>= 0.2.0)
      guard (>= 1.1.0)
      multi_json (~> 1.0)
    listen (0.7.1)
    multi_json (1.3.4)
    rack (1.4.3)
    rack-protection (1.3.2)
      rack
    rb-fsevent (0.9.3)
    sinatra (1.3.3)
      rack (~> 1.3, >= 1.3.6)
      rack-protection (~> 1.2)
      tilt (~> 1.3, >= 1.3.3)
    thor (0.14.6)
    tilt (1.3.3)

PLATFORMS
  ruby

DEPENDENCIES
  foreman
  guard
  guard-livereload
  rb-fsevent (~> 0.9.1)
  sinatra
